GEM
  remote: https://rubygems.org/
  specs:
    rack (3.0.0)

PLATFORMS
  arm64-darwin-21

DEPENDENCIES
  rack

BUNDLED WITH
   2.3.24
